GEM
  remote: http://rubygems.org/
  specs:
    RedCloth (4.2.1)
    actionmailer (2.3.14)
      actionpack (= 2.3.14)
    actionpack (2.3.14)
      activesupport (= 2.3.14)
      rack (~> 1.1.0)
    activerecord (2.3.14)
      activesupport (= 2.3.14)
    activeresource (2.3.14)
      activesupport (= 2.3.14)
    activesupport (2.3.14)
    capistrano (2.5.0)
      highline
      net-scp (>= 1.0.0)
      net-sftp (>= 2.0.0)
      net-ssh (>= 2.0.0)
      net-ssh-gateway (>= 1.0.0)
    geoip (0.8.0)
    highline (1.6.15)
    net-scp (1.0.4)
      net-ssh (>= 1.99.1)
    net-sftp (2.0.5)
      net-ssh (>= 2.0.9)
    net-ssh (2.5.2)
    net-ssh-gateway (1.1.0)
      net-ssh (>= 1.99.1)
    oauth (0.2.7)
      ruby-hmac (>= 0.3.1)
    rack (1.1.3)
    rails (2.3.14)
      actionmailer (= 2.3.14)
      actionpack (= 2.3.14)
      activerecord (= 2.3.14)
      activeresource (= 2.3.14)
      activesupport (= 2.3.14)
      rake (>= 0.8.3)
    rake (0.8.3)
    rmagick (2.11.0)
    rspec (1.1.4)
    ruby-hmac (0.4.0)
    sqlite3 (1.3.6)
    textile_editor_helper (0.0.23)
    ym4r (0.6.1)
    ym4r-mapstraction (0.0.1)
    ym4r_gm (0.2.0)
      ym4r

PLATFORMS
  ruby

DEPENDENCIES
  RedCloth (= 4.2.1)
  capistrano (= 2.5.0)
  geoip (= 0.8.0)
  oauth (= 0.2.7)
  rails (= 2.3.14)
  rake (= 0.8.3)
  rmagick (= 2.11.0)
  rspec (= 1.1.4)
  sqlite3 (= 1.3.6)
  textile_editor_helper (= 0.0.23)
  ym4r-mapstraction (= 0.0.1)
  ym4r_gm (= 0.2.0)
