GEM
  remote: http://rubygems.org/
  specs:
    RedCloth (4.2.1)
    actionmailer (2.1.0)
      actionpack (= 2.1.0)
    actionpack (2.1.0)
      activesupport (= 2.1.0)
    activerecord (2.1.0)
      activesupport (= 2.1.0)
    activeresource (2.1.0)
      activesupport (= 2.1.0)
    activesupport (2.1.0)
    capistrano (2.5.0)
      highline
      net-scp (>= 1.0.0)
      net-sftp (>= 2.0.0)
      net-ssh (>= 2.0.0)
      net-ssh-gateway (>= 1.0.0)
    geoip (0.8.0)
    highline (1.6.15)
    net-scp (1.0.4)
      net-ssh (>= 1.99.1)
    net-sftp (2.0.5)
      net-ssh (>= 2.0.9)
    net-ssh (2.5.2)
    net-ssh-gateway (1.1.0)
      net-ssh (>= 1.99.1)
    oauth (0.2.7)
      ruby-hmac (>= 0.3.1)
    rails (2.1.0)
      actionmailer (= 2.1.0)
      actionpack (= 2.1.0)
      activerecord (= 2.1.0)
      activeresource (= 2.1.0)
      activesupport (= 2.1.0)
      rake (>= 0.8.1)
    rake (0.8.3)
    rmagick (2.11.0)
    rspec (1.1.4)
    ruby-hmac (0.4.0)
    ym4r (0.6.0)

PLATFORMS
  ruby

DEPENDENCIES
  RedCloth (= 4.2.1)
  capistrano (= 2.5.0)
  geoip (= 0.8.0)
  oauth (= 0.2.7)
  rails (= 2.1.0)
  rake (= 0.8.3)
  rmagick (= 2.11.0)
  rspec (= 1.1.4)
  ym4r (= 0.6.0)
